GEM
  remote: http://rubygems.org/
  specs:
    activesupport (3.0.4)
    closure-compiler (1.0.0)
    fewer (0.2.0)
      rack
    highlight (1.1.2)
      activesupport (>= 2.0.0)
    json (1.5.1)
    nokogiri (1.4.4)
    rack (1.2.1)
    rdiscount (1.6.8)
    sinatra (1.1.3)
      rack (~> 1.1)
      tilt (>= 1.2.2, < 2.0)
    tilt (1.2.2)

PLATFORMS
  ruby

DEPENDENCIES
  closure-compiler
  fewer (~> 0.2.0)
  highlight
  json
  nokogiri
  rdiscount
  sinatra
